PATH
  remote: ../..
  specs:
    simplecov (0.18.0.beta1)
      docile (~> 1.1)
      simplecov-html (~> 0.11.0.beta1)

GEM
  remote: https://rubygems.org/
  specs:
    diff-lcs (1.3)
    docile (1.3.2)
    parallel (1.19.1)
    parallel_tests (2.30.0)
      parallel
    rspec (3.9.0)
      rspec-core (~> 3.9.0)
      rspec-expectations (~> 3.9.0)
      rspec-mocks (~> 3.9.0)
    rspec-core (3.9.1)
      rspec-support (~> 3.9.1)
    rspec-expectations (3.9.0)
      diff-lcs (>= 1.2.0, < 2.0)
      rspec-support (~> 3.9.0)
    rspec-mocks (3.9.1)
      diff-lcs (>= 1.2.0, < 2.0)
      rspec-support (~> 3.9.0)
    rspec-support (3.9.2)
    simplecov-html (0.11.0.beta1)

PLATFORMS
  ruby

DEPENDENCIES
  parallel_tests
  rspec
  simplecov!

BUNDLED WITH
   2.1.2
